GEM
  remote: https://rubygems.org/
  specs:
    facter (1.6.18)
    hiera (1.2.0)
      json_pure
    json (1.7.7)
    json_pure (1.7.7)
    librarian-puppet-maestrodev (0.9.7.5)
      json
      puppet
      thor (~> 0.15)
    puppet (3.1.1)
      facter (~> 1.6)
      hiera (~> 1.0)
    thor (0.18.1)

PLATFORMS
  ruby

DEPENDENCIES
  librarian-puppet-maestrodev (~> 0.9.7)
